GEM
  remote: https://rubygems.org/
  specs:
    cabin (0.9.0)
    haml (4.0.7)
      tilt
    jls-grok (0.11.4)
      cabin (>= 0.6.0)
    json (2.1.0)
    kgio (2.11.0)
    mustermann (1.0.0)
    rack (2.0.3)
    rack-protection (2.0.0)
      rack
    raindrops (0.19.0)
    shotgun (0.9.2)
      rack (>= 1.0)
    sinatra (2.0.0)
      mustermann (~> 1.0)
      rack (~> 2.0)
      rack-protection (= 2.0.0)
      tilt (~> 2.0)
    tilt (2.0.8)
    unicorn (5.3.0)
      kgio (~> 2.6)
      raindrops (~> 0.7)

PLATFORMS
  ruby

DEPENDENCIES
  haml
  jls-grok
  json
  shotgun
  sinatra
  unicorn
